GIT
  remote: https://github.com/citizensadvice/citizens-advice-style-ruby.git
  revision: bbc54178ddfd6fc94a57fd9f6d6ff0520bfdcd99
  tag: v0.3.0
  specs:
    citizens-advice-style (0.3.0)
      rubocop (~> 0.85.1)

GEM
  remote: https://rubygems.org/
  specs:
    activesupport (7.0.4.1)
      concurrent-ruby (~> 1.0, >= 1.0.2)
      i18n (>= 1.6, < 2)
      minitest (>= 5.1)
      tzinfo (~> 2.0)
    ast (2.4.1)
    concurrent-ruby (1.1.10)
    i18n (1.12.0)
      concurrent-ruby (~> 1.0)
    minitest (5.17.0)
    parallel (1.19.2)
    parser (2.7.1.4)
      ast (~> 2.4.1)
    rack (2.2.3)
    rainbow (3.0.0)
    regexp_parser (1.7.1)
    rexml (3.2.4)
    rubocop (0.85.1)
      parallel (~> 1.10)
      parser (>= 2.7.0.1)
      rainbow (>= 2.2.2, < 4.0)
      regexp_parser (>= 1.7)
      rexml
      rubocop-ast (>= 0.0.3)
      ruby-progressbar (~> 1.7)
      unicode-display_width (>= 1.4.0, < 2.0)
    rubocop-ast (0.3.0)
      parser (>= 2.7.1.4)
    rubocop-rails (2.6.0)
      activesupport (>= 4.2.0)
      rack (>= 1.1)
      rubocop (>= 0.82.0)
    ruby-progressbar (1.10.1)
    tzinfo (2.0.5)
      concurrent-ruby (~> 1.0)
    unicode-display_width (1.7.0)

PLATFORMS
  ruby

DEPENDENCIES
  citizens-advice-style!
  rubocop-rails

RUBY VERSION
   ruby 2.7.1p83

BUNDLED WITH
   2.1.4
